GEM
  remote: https://rubygems.org/
  specs:
    domain_name (0.5.24)
      unf (>= 0.0.5, < 1.0.0)
    http-cookie (1.0.2)
      domain_name (~> 0.5)
    mime-types (2.5)
    mustermann (2.0.2)
      ruby2_keywords (~> 0.0.1)
    netrc (0.10.3)
    rack (2.2.6.4)
    rack-protection (2.2.3)
      rack
    redcarpet (3.2.3)
    rest-client (1.8.0)
      http-cookie (>= 1.0.2, < 2.0)
      mime-types (>= 1.16, < 3.0)
      netrc (~> 0.7)
    ruby2_keywords (0.0.5)
    sendgrid-ruby (0.0.3)
      rest-client
      smtpapi
    sinatra (2.2.3)
      mustermann (~> 2.0)
      rack (~> 2.2)
      rack-protection (= 2.2.3)
      tilt (~> 2.0)
    smtpapi (0.1.0)
    tilt (2.0.1)
    unf (0.1.4)
      unf_ext
    unf_ext (0.0.7.1)

PLATFORMS
  ruby

DEPENDENCIES
  redcarpet
  sendgrid-ruby
  sinatra
  tilt

BUNDLED WITH
   1.11.2
